GEM
  remote: https://rubygems.org/
  specs:
    asciidoctor (2.0.17)

PLATFORMS
  x86_64-linux

DEPENDENCIES
  asciidoctor
